GEM
  remote: https://rubygems.org/
  specs:
    cinch (2.3.4)
    crass (1.0.6)
    curb (0.9.11)
    diff-lcs (1.4.4)
    feedjira (1.6.0)
      curb (~> 0.8)
      loofah (~> 2.0)
      sax-machine (~> 1.0)
    loofah (2.9.0)
      crass (~> 1.0.2)
      nokogiri (>= 1.5.9)
    mini_portile2 (2.8.0)
    nokogiri (1.13.4)
      mini_portile2 (~> 2.8.0)
      racc (~> 1.4)
    racc (1.6.0)
    rake (13.0.3)
    rspec (3.10.0)
      rspec-core (~> 3.10.0)
      rspec-expectations (~> 3.10.0)
      rspec-mocks (~> 3.10.0)
    rspec-core (3.10.1)
      rspec-support (~> 3.10.0)
    rspec-expectations (3.10.1)
      diff-lcs (>= 1.2.0, < 2.0)
      rspec-support (~> 3.10.0)
    rspec-mocks (3.10.1)
      diff-lcs (>= 1.2.0, < 2.0)
      rspec-support (~> 3.10.0)
    rspec-support (3.10.1)
    sax-machine (1.3.2)

PLATFORMS
  ruby

DEPENDENCIES
  cinch
  feedjira (~> 1.6.0)
  loofah (>= 2.3.1)
  nokogiri (>= 1.10.4)
  rake
  rspec

BUNDLED WITH
   2.2.7
